GEM
  remote: http://rubygems.org/
  specs:
    aws-sdk
      builder
      mime-types
      xml-simple
    builder (3.0.0)
    em-ftpd (0.0.1)
      eventmachine (~> 1.0.0.beta1)
    eventmachine (1.0.0.beta.4)
    eventmachine (1.0.0.beta.4.1-x86-mingw32)
    mime-types (1.18)
    xml-simple (1.1.1)

PLATFORMS
  ruby
  x86-mingw32

DEPENDENCIES
  aws-sdk
  em-ftpd
